GIT
  remote: git://github.com/BTLzdravtech/capistrano-hangouts-chat.git
  revision: 3bef0c42bc72260075ba2ab0e698d75d4652a0c5
  specs:
    capistrano-hangouts-chat (0.1.0)
      capistrano (~> 3.0)

GEM
  remote: https://rubygems.org/
  specs:
    airbrussh (1.3.3)
      sshkit (>= 1.6.1, != 1.7.0)
    capistrano (3.11.1)
      airbrussh (>= 1.0.0)
      i18n
      rake (>= 10.0.0)
      sshkit (>= 1.9.0)
    capistrano-composer (0.0.6)
      capistrano (>= 3.0.0.pre)
    capistrano-gulp (0.0.2)
      capistrano (~> 3.0)
    capistrano-npm (1.0.3)
      capistrano (>= 3.0.0)
    capistrano-php-fpm (2.0.1)
      capistrano (~> 3.2)
    concurrent-ruby (1.1.5)
    i18n (1.6.0)
      concurrent-ruby (~> 1.0)
    net-scp (2.0.0)
      net-ssh (>= 2.6.5, < 6.0.0)
    net-ssh (5.2.0)
    rake (12.3.3)
    sshkit (1.20.0)
      net-scp (>= 1.1.2)
      net-ssh (>= 2.8.0)

PLATFORMS
  ruby
  x64-mingw32

DEPENDENCIES
  capistrano (~> 3.11)
  capistrano-composer
  capistrano-gulp (~> 0.0.2)
  capistrano-hangouts-chat!
  capistrano-npm
  capistrano-php-fpm

BUNDLED WITH
   1.16.6
